GIT
  remote: git://github.com/SCPR/asset_host_client.git
  revision: 9dbdb15a507c7691c4e760c4d418e0c0168930d2
  specs:
    asset_host_client (1.2.0)
      faraday (~> 0.8)
      faraday_middleware (~> 0.8)
      rails (>= 3.0)

GIT
  remote: git://github.com/SCPR/audio_vision-ruby.git
  revision: 334e3f26d73527297c693ab4beb17d54bb961a3b
  specs:
    audio_vision (1.0.0.rc1)
      faraday (~> 0.8.8)
      faraday_middleware (~> 0.9.0)

GIT
  remote: git://github.com/SCPR/embeditor-rails.git
  revision: bf00195a731a53bd2ff8c9eff0ae85bfbea494c6
  specs:
    embeditor-rails (2.0.0.beta)
      actionpack (>= 3.2.0)
      coffee-rails (>= 3.2.0)
      eco (~> 1.0.0)

GIT
  remote: git://github.com/SCPR/outpost-aggregator.git
  revision: 1ebd19d8139b26e3b3afb73711f74def03885133
  specs:
    outpost-aggregator (1.1.0)

GIT
  remote: git://github.com/SCPR/outpost-asset_host.git
  revision: a239b38588914413dab1b0def05323e383a4bcb8
  specs:
    outpost-asset_host (1.1.0)

GIT
  remote: git://github.com/SCPR/outpost-publishing.git
  revision: 3612ce1f4a17f127734c6d006bb3347ce9384850
  specs:
    outpost-publishing (1.0.0)

GIT
  remote: git://github.com/SCPR/outpost.git
  revision: ead345f587609a415da20d21ef00554e998a0441
  specs:
    outpost-cms (0.0.4)
      bcrypt-ruby (>= 3.0.0)
      jquery-rails
      rails (>= 3.2)
      select2-rails (= 3.4.1)

GIT
  remote: git://github.com/SCPR/redis-content-store.git
  revision: 2340d535801d9922bb73b8669d914af97f26a109
  specs:
    redis-content-store (0.2.0)
      redis-activesupport (~> 3.2.2)

GIT
  remote: git://github.com/SCPR/secretary-rails.git
  revision: 98d5c3efcfe73dfd46402c35a16e02ad23bd7f3b
  specs:
    secretary-rails (1.0.1)
      activerecord (>= 3.2.0)
      diffy (~> 3.0.1)
      railties (>= 3.2.0)

GIT
  remote: git://github.com/amatsuda/kaminari.git
  revision: 315b012a470ba885064c5e4ac122f51a1296d352
  specs:
    kaminari (0.14.1)
      actionpack (>= 3.0.0)
      activesupport (>= 3.0.0)

GIT
  remote: git://github.com/bricker/npr.git
  revision: a6a4fbfd16a3d5165a84008754e3b3c5ba9c3d3b
  specs:
    npr (2.0.0)
      faraday (>= 0.8.0)
      faraday_middleware (>= 0.9.0)

GIT
  remote: git://github.com/bricker/riddle.git
  revision: c5e262c7766d1fc9b93ae1ec078fc0964b395952
  branch: fix-empty-array-filter
  specs:
    riddle (1.5.9)

GIT
  remote: git://github.com/bricker/turbo-sprockets-rails3.git
  revision: 5102c06677f80aeb9f9cf77fdd6f39b439420e70
  branch: utf8-conversion
  specs:
    turbo-sprockets-rails3 (0.3.10)
      railties (> 3.2.8, < 4.0.0)
      sprockets (>= 2.0.0)

GEM
  remote: https://rubygems.org/
  specs:
    actionmailer (3.2.16)
      actionpack (= 3.2.16)
      mail (~> 2.5.4)
    actionpack (3.2.16)
      activemodel (= 3.2.16)
      activesupport (= 3.2.16)
      builder (~> 3.0.0)
      erubis (~> 2.7.0)
      journey (~> 1.0.4)
      rack (~> 1.4.5)
      rack-cache (~> 1.2)
      rack-test (~> 0.6.1)
      sprockets (~> 2.2.1)
    activemodel (3.2.16)
      activesupport (= 3.2.16)
      builder (~> 3.0.0)
    activerecord (3.2.16)
      activemodel (= 3.2.16)
      activesupport (= 3.2.16)
      arel (~> 3.0.2)
      tzinfo (~> 0.3.29)
    activeresource (3.2.16)
      activemodel (= 3.2.16)
      activesupport (= 3.2.16)
    activesupport (3.2.16)
      i18n (~> 0.6, >= 0.6.4)
      multi_json (~> 1.0)
    addressable (2.3.5)
    arel (3.0.3)
    bcrypt-ruby (3.0.1)
    bootstrap-sass (2.3.2.2)
      sass (~> 3.2)
    builder (3.0.4)
    capistrano (3.0.1)
      i18n
      rake (>= 10.0.0)
      sshkit (>= 0.0.23)
    capistrano-bundler (1.1.1)
      capistrano (~> 3.0)
      sshkit (>= 1.2.0)
    capistrano-rails (1.1.0)
      capistrano (>= 3.0.0)
      capistrano-bundler (>= 1.0.0)
    capybara (2.1.0)
      mime-types (>= 1.16)
      nokogiri (>= 1.3.3)
      rack (>= 1.0.0)
      rack-test (>= 0.5.4)
      xpath (~> 2.0)
    carrierwave (0.9.0)
      activemodel (>= 3.2.0)
      activesupport (>= 3.2.0)
      json (>= 1.7)
    chunky_png (1.2.9)
    ckeditor_rails (4.2.2)
      railties (>= 3.0)
    coderay (1.0.9)
    coffee-rails (3.2.2)
      coffee-script (>= 2.2.0)
      railties (~> 3.2.0)
    coffee-script (2.2.0)
      coffee-script-source
      execjs
    coffee-script-source (1.6.3)
    columnize (0.3.6)
    compass (0.12.2)
      chunky_png (~> 1.2)
      fssm (>= 0.2.7)
      sass (~> 3.1)
    compass-rails (1.0.3)
      compass (>= 0.12.2, < 0.14)
    crack (0.4.1)
      safe_yaml (~> 0.9.0)
    database_cleaner (1.2.0)
    dbsync (0.1.2)
      activerecord (>= 3.2.8)
      activesupport (>= 3.2.8)
      railties (>= 3.2.8)
    debugger (1.6.2)
      columnize (>= 0.3.1)
      debugger-linecache (~> 1.2.0)
      debugger-ruby_core_source (~> 1.2.3)
    debugger-linecache (1.2.0)
    debugger-ruby_core_source (1.2.3)
    diff-lcs (1.2.5)
    diffy (3.0.1)
    eco (1.0.0)
      coffee-script
      eco-source
      execjs
    eco-source (1.1.0.rc.1)
    erubis (2.7.0)
    escape_utils (0.3.2)
    execjs (2.0.2)
    factory_girl (4.3.0)
      activesupport (>= 3.0.0)
    factory_girl_rails (4.3.0)
      factory_girl (~> 4.3.0)
      railties (>= 3.0.0)
    faraday (0.8.8)
      multipart-post (~> 1.2.0)
    faraday_middleware (0.9.0)
      faraday (>= 0.7.4, < 0.9)
    ffi (1.9.3)
    formatador (0.2.4)
    fssm (0.2.10)
    guard (1.8.3)
      formatador (>= 0.2.4)
      listen (~> 1.3)
      lumberjack (>= 1.0.2)
      pry (>= 0.9.10)
      thor (>= 0.14.6)
    guard-resque (0.0.5)
      guard (>= 0.8)
      resque
    guard-rspec (3.1.0)
      guard (>= 1.8)
      rspec (~> 2.13)
    hashie (1.2.0)
    hike (1.2.3)
    httparty (0.12.0)
      json (~> 1.8)
      multi_xml (>= 0.5.2)
    httpauth (0.2.0)
    i18n (0.6.9)
    ice_cube (0.11.1)
    innertube (1.1.0)
    iron_core (1.0.1)
      rest (>= 2.2.0)
    iron_mq (4.0.3)
      iron_core (>= 0.5.1)
    jbuilder (1.5.2)
      activesupport (>= 3.0.0)
      multi_json (>= 1.2.0)
    journey (1.0.4)
    jquery-rails (3.0.4)
      railties (>= 3.0, < 5.0)
      thor (>= 0.14, < 2.0)
    json (1.8.1)
    jwt (0.1.8)
      multi_json (>= 1.5)
    launchy (2.3.0)
      addressable (~> 2.3)
    listen (1.3.1)
      rb-fsevent (>= 0.9.3)
      rb-inotify (>= 0.9)
      rb-kqueue (>= 0.2)
    lumberjack (1.0.4)
    mail (2.5.4)
      mime-types (~> 1.16)
      treetop (~> 1.4.8)
    method_source (0.8.2)
    middleware (0.1.0)
    mime-types (1.25.1)
    mini_portile (0.5.2)
    mono_logger (1.1.0)
    multi_json (1.8.2)
    multi_xml (0.5.5)
    multipart-post (1.2.0)
    mysql2 (0.3.14)
    net-http-persistent (2.9)
    net-scp (1.1.2)
      net-ssh (>= 2.6.5)
    net-ssh (2.7.0)
    newrelic_rpm (3.6.9.171)
    nokogiri (1.6.0)
      mini_portile (~> 0.5.0)
    oauth2 (0.9.2)
      faraday (~> 0.8)
      httpauth (~> 0.2)
      jwt (~> 0.1.4)
      multi_json (~> 1.0)
      multi_xml (~> 0.5)
      rack (~> 1.2)
    parse-ruby-client (0.1.15)
      iron_mq
      patron
    patron (0.4.18)
    polyglot (0.3.3)
    pry (0.9.12.2)
      coderay (~> 1.0.5)
      method_source (~> 0.8)
      slop (~> 3.4)
    pry-debugger (0.2.2)
      debugger (~> 1.3)
      pry (~> 0.9.10)
    rack (1.4.5)
    rack-cache (1.2)
      rack (>= 0.4)
    rack-protection (1.5.1)
      rack
    rack-ssl (1.3.3)
      rack
    rack-test (0.6.2)
      rack (>= 1.0)
    rails (3.2.16)
      actionmailer (= 3.2.16)
      actionpack (= 3.2.16)
      activerecord (= 3.2.16)
      activeresource (= 3.2.16)
      activesupport (= 3.2.16)
      bundler (~> 1.0)
      railties (= 3.2.16)
    railties (3.2.16)
      actionpack (= 3.2.16)
      activesupport (= 3.2.16)
      rack-ssl (~> 1.3.2)
      rake (>= 0.8.7)
      rdoc (~> 3.4)
      thor (>= 0.14.6, < 2.0)
    rake (10.1.0)
    rb-fsevent (0.9.3)
    rb-inotify (0.9.2)
      ffi (>= 0.5.0)
    rb-kqueue (0.2.0)
      ffi (>= 0.5.0)
    rb-readline (0.4.2)
    rdoc (3.12.2)
      json (~> 1.4)
    redis (3.0.6)
    redis-activesupport (3.2.4)
      activesupport (~> 3.2.0)
      redis-store (~> 1.1.0)
    redis-namespace (1.3.2)
      redis (~> 3.0.4)
    redis-store (1.1.4)
      redis (>= 2.2)
    resque (1.25.1)
      mono_logger (~> 1.0)
      multi_json (~> 1.0)
      redis-namespace (~> 1.2)
      sinatra (>= 0.9.2)
      vegas (~> 0.1.2)
    rest (2.6.3)
      net-http-persistent
      rest-client (>= 0.3.0)
    rest-client (1.6.7)
      mime-types (>= 1.16)
    rspec (2.14.1)
      rspec-core (~> 2.14.0)
      rspec-expectations (~> 2.14.0)
      rspec-mocks (~> 2.14.0)
    rspec-core (2.14.7)
    rspec-expectations (2.14.4)
      diff-lcs (>= 1.1.3, < 2.0)
    rspec-mocks (2.14.4)
    rspec-rails (2.14.0)
      actionpack (>= 3.0)
      activesupport (>= 3.0)
      railties (>= 3.0)
      rspec-core (~> 2.14.0)
      rspec-expectations (~> 2.14.0)
      rspec-mocks (~> 2.14.0)
    ruby-mp3info (0.8.1)
    safe_yaml (0.9.7)
    sanitize (2.0.6)
      nokogiri (>= 1.4.4)
    sass (3.2.12)
    sass-rails (3.2.6)
      railties (~> 3.2.0)
      sass (>= 3.1.10)
      tilt (~> 1.3)
    select2-rails (3.4.1)
      sass-rails
      thor (~> 0.14)
    shoulda-matchers (2.4.0)
      activesupport (>= 3.0.0)
    simple_form (2.1.0)
      actionpack (~> 3.0)
      activemodel (~> 3.0)
    simple_oauth (0.2.0)
    simple_postmark (0.6.0)
      activesupport (>= 3.0)
      httparty
      json
      mail
    simplecov (0.7.1)
      multi_json (~> 1.0)
      simplecov-html (~> 0.7.1)
    simplecov-html (0.7.1)
    sinatra (1.4.4)
      rack (~> 1.4)
      rack-protection (~> 1.4)
      tilt (~> 1.3, >= 1.3.4)
    slop (3.4.6)
    sprockets (2.2.2)
      hike (~> 1.2)
      multi_json (~> 1.0)
      rack (~> 1.0)
      tilt (~> 1.1, != 1.3.0)
    sqlite3 (1.3.8)
    sshkit (1.2.0)
      net-scp (>= 1.1.2)
      net-ssh
      term-ansicolor
    term-ansicolor (1.2.2)
      tins (~> 0.8)
    test_after_commit (0.2.2)
    thinking-sphinx (3.0.6)
      activerecord (>= 3.1.0)
      builder (>= 2.1.2)
      innertube (>= 1.0.2)
      middleware (>= 0.1.0)
      riddle (>= 1.5.9)
    thor (0.18.1)
    tilt (1.4.1)
    tins (0.13.1)
    treetop (1.4.15)
      polyglot
      polyglot (>= 0.3.1)
    twitter (4.8.1)
      faraday (~> 0.8, < 0.10)
      multi_json (~> 1.0)
      simple_oauth (~> 0.2)
    twitter-text (1.6.3)
      unf (~> 0.1.0)
    tzinfo (0.3.38)
    uglifier (2.3.1)
      execjs (>= 0.3.0)
      json (>= 1.8.0)
    unf (0.1.3)
      unf_ext
    unf_ext (0.0.6)
    vegas (0.1.11)
      rack (>= 1.0.0)
    webmock (1.15.2)
      addressable (>= 2.2.7)
      crack (>= 0.3.2)
    xpath (2.0.0)
      nokogiri (~> 1.3)

PLATFORMS
  ruby

DEPENDENCIES
  asset_host_client!
  audio_vision!
  bcrypt-ruby (~> 3.0.0)
  bootstrap-sass (~> 2.2)
  capistrano (~> 3.0.0)
  capistrano-bundler (~> 1.1.0)
  capistrano-rails (~> 1.1.0)
  capybara (~> 2.0)
  carrierwave (~> 0.6)
  ckeditor_rails (~> 4.2.0)
  coffee-rails (~> 3.2)
  compass-rails
  database_cleaner
  dbsync
  eco (~> 1.0)
  embeditor-rails!
  escape_utils (~> 0.3)
  factory_girl_rails
  faraday (~> 0.8)
  faraday_middleware (~> 0.8)
  guard (~> 1.5)
  guard-resque
  guard-rspec
  hashie (~> 1.2.0)
  ice_cube (~> 0.11.0)
  jbuilder
  jquery-rails
  kaminari!
  launchy
  mysql2
  newrelic_rpm
  npr!
  oauth2 (~> 0.8)
  outpost-aggregator!
  outpost-asset_host!
  outpost-cms!
  outpost-publishing!
  parse-ruby-client (~> 0.1.15)
  pry
  pry-debugger
  rails (~> 3.2)
  rb-fsevent (~> 0.9)
  rb-readline (~> 0.4.2)
  redis-content-store!
  resque (~> 1.25.0.pre)
  riddle!
  rspec-rails (~> 2.12)
  ruby-mp3info
  sanitize (~> 2.0)
  sass-rails (~> 3.2)
  secretary-rails!
  select2-rails (= 3.4.1)
  shoulda-matchers
  simple_form (~> 2.0)
  simple_postmark (~> 0.5)
  simplecov
  sqlite3
  test_after_commit
  thinking-sphinx (~> 3.0.5)
  turbo-sprockets-rails3!
  twitter (~> 4.1)
  twitter-text (~> 1.5)
  uglifier (>= 1.3)
  webmock
